PATH
  remote: /home/pi/github/pi_sensor
  specs:
    pi_sensor (0.1.1)
      wiringpi

GEM
  remote: http://rubygems.org/
  specs:
    backports (2.6.5)
    eventmachine (1.0.0)
    json (1.7.6)
    rack (1.4.1)
    rack-protection (1.3.2)
      rack
    rack-test (0.6.2)
      rack (>= 1.0)
    sass (3.2.5)
    sinatra (1.3.3)
      rack (~> 1.3, >= 1.3.6)
      rack-protection (~> 1.2)
      tilt (~> 1.3, >= 1.3.3)
    sinatra-contrib (1.3.2)
      backports (>= 2.0)
      eventmachine
      rack-protection
      rack-test
      sinatra (~> 1.3.0)
      tilt (~> 1.3)
    sinatra-reloader (1.0)
      sinatra-contrib
    slim (1.3.6)
      temple (~> 0.5.5)
      tilt (~> 1.3.3)
    temple (0.5.5)
    tilt (1.3.3)
    wiringpi (1.1.0)

PLATFORMS
  ruby

DEPENDENCIES
  json
  pi_sensor!
  sass
  sinatra
  sinatra-reloader
  slim
